PATH
  remote: .
  specs:
    qiniu (6.5.1)
      json (>= 1.8)
      mime-types (>= 2.6.0)
      rest-client (>= 1.8.0)
      ruby-hmac (~> 0.4)

GEM
  remote: https://rubygems.org/
  specs:
    diff-lcs (1.2.5)
    domain_name (0.5.25)
      unf (>= 0.0.5, < 1.0.0)
    fakeweb (1.3.0)
    http-cookie (1.0.2)
      domain_name (~> 0.5)
    json (1.8.3)
    mime-types (2.6.2)
    netrc (0.10.3)
    rake (10.4.2)
    rest-client (1.8.0)
      http-cookie (>= 1.0.2, < 2.0)
      mime-types (>= 1.16, < 3.0)
      netrc (~> 0.7)
    rspec (3.3.0)
      rspec-core (~> 3.3.0)
      rspec-expectations (~> 3.3.0)
      rspec-mocks (~> 3.3.0)
    rspec-core (3.3.2)
      rspec-support (~> 3.3.0)
    rspec-expectations (3.3.1)
      diff-lcs (>= 1.2.0, < 2.0)
      rspec-support (~> 3.3.0)
    rspec-mocks (3.3.2)
      diff-lcs (>= 1.2.0, < 2.0)
      rspec-support (~> 3.3.0)
    rspec-support (3.3.0)
    ruby-hmac (0.4.0)
    unf (0.1.4)
      unf_ext
    unf_ext (0.0.7.1)

PLATFORMS
  ruby

DEPENDENCIES
  fakeweb (~> 1.3)
  qiniu!
  rake (>= 0.9)
  rspec (>= 2.11)

BUNDLED WITH
   1.10.5
